PATH
  remote: .
  specs:
    goal (0.0.1)
      activesupport (~> 4.0.0)
      ruby-freshbooks (~> 0.4.1)

GEM
  remote: http://rubygems.org/
  specs:
    activesupport (4.0.0)
      i18n (~> 0.6, >= 0.6.4)
      minitest (~> 4.2)
      multi_json (~> 1.3)
      thread_safe (~> 0.1)
      tzinfo (~> 0.3.37)
    atomic (1.1.14)
    builder (3.2.2)
    colorize (0.6.0)
    httparty (0.12.0)
      json (~> 1.8)
      multi_xml (>= 0.5.2)
    i18n (0.6.5)
    json (1.8.1)
    minitest (4.7.5)
    multi_json (1.8.2)
    multi_xml (0.5.5)
    ruby-freshbooks (0.4.1)
      builder (>= 2.1.2)
      httparty (>= 0.5.0)
    thread_safe (0.1.3)
      atomic
    tzinfo (0.3.38)

PLATFORMS
  ruby

DEPENDENCIES
  colorize (~> 0.6.0)
  goal!
