PATH
  remote: .
  specs:
    goal (0.0.3)
      colorize (~> 0.6.0)
      ruby-freshbooks (~> 0.4.1)

GEM
  remote: http://rubygems.org/
  specs:
    builder (3.2.2)
    colorize (0.6.0)
    diff-lcs (1.2.4)
    httparty (0.12.0)
      json (~> 1.8)
      multi_xml (>= 0.5.2)
    json (1.8.1)
    multi_xml (0.5.5)
    rake (10.1.0)
    rspec (2.14.1)
      rspec-core (~> 2.14.0)
      rspec-expectations (~> 2.14.0)
      rspec-mocks (~> 2.14.0)
    rspec-core (2.14.5)
    rspec-expectations (2.14.2)
      diff-lcs (>= 1.1.3, < 2.0)
    rspec-mocks (2.14.3)
    ruby-freshbooks (0.4.1)
      builder (>= 2.1.2)
      httparty (>= 0.5.0)

PLATFORMS
  ruby

DEPENDENCIES
  goal!
  rake
  rspec (~> 2.14.1)
